GEM
  remote: https://rubygems.org/
  specs:
    redis (3.3.2)

PLATFORMS
  ruby

DEPENDENCIES
  redis

RUBY VERSION
   ruby 2.3.3p222

BUNDLED WITH
   1.13.6
